GEM
  remote: https://rubygems.org/
  specs:
    coderay (1.1.2)
    faraday (0.12.2)
      multipart-post (>= 1.2, < 3)
    fitbit_api (0.9.0)
      oauth2 (~> 1.0)
    influxdb (0.6.1)
    jwt (1.5.6)
    method_source (0.9.0)
    multi_json (1.13.1)
    multi_xml (0.6.0)
    multipart-post (2.0.0)
    oauth2 (1.4.0)
      faraday (>= 0.8, < 0.13)
      jwt (~> 1.0)
      multi_json (~> 1.3)
      multi_xml (~> 0.5)
      rack (>= 1.2, < 3)
    pry (0.11.3)
      coderay (~> 1.1.0)
      method_source (~> 0.9.0)
    pry-doc (0.13.4)
      pry (~> 0.11)
      yard (~> 0.9.11)
    rack (2.0.5)
    thor (0.20.0)
    yard (0.9.16)

PLATFORMS
  ruby

DEPENDENCIES
  fitbit_api
  influxdb
  method_source (>= 0.8.2)
  pry
  pry-doc (>= 0.6.0)
  thor

BUNDLED WITH
   1.16.5
