GEM
  remote: https://rubygems.org/
  specs:
    coderay (1.1.2)
    faraday (0.15.3)
      multipart-post (>= 1.2, < 3)
    fitgem_oauth2 (1.3.0)
      faraday (~> 0.9)
    influxdb (0.6.1)
    method_source (0.9.0)
    multipart-post (2.0.0)
    pry (0.11.3)
      coderay (~> 1.1.0)
      method_source (~> 0.9.0)
    pry-doc (0.13.4)
      pry (~> 0.11)
      yard (~> 0.9.11)
    thor (0.20.0)
    yard (0.9.16)

PLATFORMS
  ruby

DEPENDENCIES
  fitgem_oauth2
  influxdb
  method_source (>= 0.8.2)
  pry
  pry-doc (>= 0.6.0)
  thor

BUNDLED WITH
   1.16.5
