GEM
  remote: https://rubygems.org/
  specs:
    coderay (1.1.2)
    faraday (0.17.3)
      multipart-post (>= 1.2, < 3)
    fitgem_oauth2 (2.0.1)
      faraday (~> 0.9)
    influxdb (0.7.0)
    method_source (0.9.2)
    multipart-post (2.1.1)
    pry (0.12.2)
      coderay (~> 1.1.0)
      method_source (~> 0.9.0)
    pry-doc (1.0.0)
      pry (~> 0.11)
      yard (~> 0.9.11)
    thor (1.0.1)
    yard (0.9.22)

PLATFORMS
  ruby

DEPENDENCIES
  fitgem_oauth2
  influxdb
  method_source (>= 0.8.2)
  pry
  pry-doc (>= 0.6.0)
  thor

BUNDLED WITH
   2.1.3
